GEM
  remote: https://rubygems.org/
  specs:
    chunky_png (1.3.1)
    compass (0.12.4)
      chunky_png (~> 1.2)
      fssm (>= 0.2.7)
      sass (~> 3.2.17)
    fssm (0.2.10)
    oily_png (1.1.1)
      chunky_png (~> 1.3.0)
    sass (3.2.17)
    terminal-notifier (1.6.0)

PLATFORMS
  ruby

DEPENDENCIES
  compass (= 0.12.4)
  oily_png
  sass (= 3.2.17)
  terminal-notifier
